PATH
  remote: .
  specs:
    schematronium (0.0.0-java)
      nokogiri (~> 1.6)
      saxon-xslt (~> 0.5.1)

GEM
  remote: https://rubygems.org/
  specs:
    nokogiri (1.6.6.2-java)
    rake (10.4.2)
    saxon-xslt (0.5.1-java)

PLATFORMS
  java

DEPENDENCIES
  rake (~> 10.4)
  schematronium!

BUNDLED WITH
   1.10.6
